GEM
  remote: http://rubygems.org/
  remote: http://gems.github.com/
  specs:
    RedCloth (4.2.7)
    SystemTimer (1.2.3)
    actionmailer (2.3.10)
      actionpack (= 2.3.10)
    actionpack (2.3.10)
      activesupport (= 2.3.10)
      rack (~> 1.1.0)
    activerecord (2.3.10)
      activesupport (= 2.3.10)
    activeresource (2.3.10)
      activesupport (= 2.3.10)
    activesupport (2.3.10)
    addressable (2.2.6)
    after_commit (1.0.8)
      activerecord (< 3.0.0)
    base58 (0.1.0)
    bson (1.3.1)
    bson_ext (1.3.1)
    builder (3.0.0)
    capistrano (2.6.0)
      highline
      net-scp (>= 1.0.0)
      net-sftp (>= 2.0.0)
      net-ssh (>= 2.0.14)
      net-ssh-gateway (>= 1.1.0)
    capistrano-ext (1.2.1)
      capistrano (>= 1.0.0)
    clearance (0.8.4)
    cucumber (0.10.2)
      builder (>= 2.1.2)
      diff-lcs (>= 1.1.2)
      gherkin (>= 2.3.5)
      json (>= 1.4.6)
      term-ansicolor (>= 1.0.5)
    cucumber-rails (0.3.2)
      cucumber (>= 0.8.0)
    daemons (1.0.10)
    database_cleaner (0.6.7)
    delayed_job (2.0.7)
      activesupport (~> 2.0)
      daemons (= 1.0.10)
    diff-lcs (1.1.2)
    facebooker (1.0.75)
      json_pure (>= 1.0.0)
    factory_girl (1.3.3)
    fakeweb (1.3.0)
    faraday (0.6.1)
      addressable (~> 2.2.4)
      multipart-post (~> 1.1.0)
      rack (< 2, >= 1.1.0)
    faraday_middleware (0.6.3)
      faraday (~> 0.6.0)
    gherkin (2.3.7)
      json (>= 1.4.6)
    hashie (1.0.0)
    highline (1.6.2)
    hoe (2.9.4)
      rake (>= 0.8.7)
    hoptoad_notifier (2.4.9)
      activesupport
      builder
    jnunemaker-validatable (1.8.4)
      activesupport (>= 2.3.4)
    json (1.5.1)
    json_pure (1.5.1)
    mbleigh-acts-as-taggable-on (1.0.5)
    mocha (0.9.12)
    mongo (1.3.1)
      bson (>= 1.3.1)
    mongo_mapper (0.8.6)
      activesupport (>= 2.3.4)
      jnunemaker-validatable (~> 1.8.4)
      plucky (~> 0.3.6)
    multi_json (1.0.2)
    multi_xml (0.2.2)
    multipart-post (1.1.1)
    mysql (2.8.1)
    net-scp (1.0.4)
      net-ssh (>= 1.99.1)
    net-sftp (2.0.5)
      net-ssh (>= 2.0.9)
    net-ssh (2.1.4)
    net-ssh-gateway (1.1.0)
      net-ssh (>= 1.99.1)
    nokogiri (1.4.4)
    oauth (0.4.4)
    oauth-plugin (0.3.14)
      oauth (>= 0.3.5)
    paperclip (2.3.11)
      activerecord (>= 2.3.0)
      activesupport (>= 2.3.2)
    plucky (0.3.8)
      mongo (~> 1.3)
    rack (1.1.2)
    rack-test (0.6.0)
      rack (>= 1.0)
    rails (2.3.10)
      actionmailer (= 2.3.10)
      actionpack (= 2.3.10)
      activerecord (= 2.3.10)
      activeresource (= 2.3.10)
      activesupport (= 2.3.10)
      rake (>= 0.8.3)
    rake (0.8.7)
    rash (0.3.0)
      hashie (~> 1.0.0)
    riddle (1.3.2)
    rspec (1.3.2)
    rspec-rails (1.3.4)
      rack (>= 1.0.0)
      rspec (~> 1.3.1)
    shoulda (2.11.3)
    simple_oauth (0.1.5)
    sqlite3 (1.3.3)
    sqlite3-ruby (1.3.3)
      sqlite3 (>= 1.3.3)
    term-ansicolor (1.0.5)
    test-unit (1.2.3)
      hoe (>= 1.5.1)
    thinking-sphinx (1.3.20)
      activerecord (< 3.0.0, >= 1.15.6)
      after_commit (>= 1.0.6)
      riddle (>= 1.0.10)
    ts-delayed-delta (1.1.1)
      delayed_job (>= 1.8.4)
      thinking-sphinx (>= 1.3.6)
    twitter (1.4.1)
      faraday (~> 0.6.1)
      faraday_middleware (~> 0.6.3)
      hashie (~> 1.0.0)
      multi_json (~> 1.0.0)
      multi_xml (~> 0.2.0)
      rash (~> 0.3.0)
      simple_oauth (~> 0.1.4)
    webrat (0.7.3)
      nokogiri (>= 1.2.0)
      rack (>= 1.0)
      rack-test (>= 0.5.3)
    will_paginate (2.3.12)

PLATFORMS
  ruby

DEPENDENCIES
  RedCloth
  SystemTimer
  base58
  bson_ext
  capistrano
  capistrano-ext
  clearance (= 0.8.4)
  cucumber-rails (~> 0.3.2)
  database_cleaner
  delayed_job (~> 2.0.0)
  facebooker
  factory_girl
  fakeweb
  hoptoad_notifier
  mbleigh-acts-as-taggable-on (~> 1.0.5)
  mocha
  mongo_mapper (~> 0.8.6)
  mysql
  oauth
  oauth-plugin
  paperclip (~> 2.3.1)
  rails (= 2.3.10)
  rspec-rails (~> 1.3.1)
  shoulda
  sqlite3-ruby
  test-unit (= 1.2.3)
  thinking-sphinx (~> 1.3.8)
  ts-delayed-delta (~> 1.1.0)
  twitter
  webrat
  will_paginate (= 2.3.12)
